GEM
  specs:

PLATFORMS
  java

DEPENDENCIES

BUNDLED WITH
   1.16.6
