GEM
  specs:

PLATFORMS
  java
  ruby

DEPENDENCIES

BUNDLED WITH
   1.16.6
